{
	"Modality": "MR",
	"MagneticFieldStrength": 3,
	"Manufacturer": "Siemens",
	"ManufacturersModelName": "Verio",
	"InstitutionName": "SIBR",
	"InstitutionalDepartmentName": "Department",
	"InstitutionAddress": "Frew_4805_Pittsburgh_District_US_15213",
	"DeviceSerialNumber": "40482",
	"StationName": "MEDPC",
	"PatientPosition": "HFS",
	"ProcedureStepDescription": "Dr._Verstynen_StopSignalProject",
	"SoftwareVersions": "syngo_MR_B17",
	"MRAcquisitionType": "2D",
	"SeriesDescription": "epi_SSreactive1_iPAT1.88PMU",
	"ProtocolName": "epi_SSreactive1_iPAT1.88PMU",
	"ScanningSequence": "EP",
	"SequenceVariant": "SK_OSP",
	"ScanOptions": "FS",
	"SequenceName": "epfid2d1_64",
	"ImageType": ["ORIGINAL", "PRIMARY", "M", "ND", "NORM", "MOSAIC"],
	"SeriesNumber": 7,
	"AcquisitionTime": "12:15:7.152500",
	"AcquisitionNumber": 1,
	"SliceThickness": 3.5,
	"SpacingBetweenSlices": 3.5,
	"SAR": 0.0753697,
	"EchoTime": 0.025,
	"RepetitionTime": 1.5,
	"FlipAngle": 75,
	"PartialFourier": 1,
	"BaseResolution": 64,
	"ShimSetting": [
		-12158,
		-3471,
		4258,
		241,
		332,
		107,
		554,
		-7	],
	"TxRefAmp": 409.29,
	"PhaseResolution": 1,
	"PhaseOversampling": 0.12,
	"ReceiveCoilName": "32Ch_Head",
	"PulseSequenceDetails": "%CustomerSeq%_ep2d_bold_PMU",
	"PercentPhaseFOV": 100,
	"PhaseEncodingSteps": 71,
	"AcquisitionMatrixPE": 64,
	"ReconMatrixPE": 64,
	"BandwidthPerPixelPhaseEncode": 52.411,
	"ParallelReductionFactorInPlane": 2,
	"EffectiveEchoSpacing": 0.000298124,
	"DerivedVendorReportedEchoSpacing": 0.000532365,
	"TotalReadoutTime": 0.0187818,
	"PixelBandwidth": 2232,
	"DwellTime": 3.5e-06,
	"PhaseEncodingDirection": "j",
	"SliceTiming": [
		0,
		0.7775,
		0.05,
		0.83,
		0.1025,
		0.8825,
		0.155,
		0.9325,
		0.2075,
		0.985,
		0.2575,
		1.0375,
		0.31,
		1.09,
		0.3625,
		1.14,
		0.415,
		1.1925,
		0.465,
		1.245,
		0.5175,
		1.2975,
		0.57,
		1.3475,
		0.6225,
		1.4,
		0.6725,
		1.4525,
		0.725	],
	"ImageOrientationPatientDICOM": [
		1,
		0,
		0,
		0,
		0.981627,
		-0.190809	],
	"InPlanePhaseEncodingDirectionDICOM": "COL",
	"ConversionSoftware": "dcm2niix",
	"ConversionSoftwareVersion": "v1.0.20180826 BETA  GCC5.4.1"
}
