{
	"Modality": "MR",
	"MagneticFieldStrength": 3,
	"Manufacturer": "Siemens",
	"ManufacturersModelName": "Verio",
	"InstitutionName": "SIBR",
	"InstitutionalDepartmentName": "Department",
	"InstitutionAddress": "Frew_4805_Pittsburgh_District_US_15213",
	"DeviceSerialNumber": "40482",
	"StationName": "MEDPC",
	"PatientPosition": "HFS",
	"ProcedureStepDescription": "Dr._Verstynen_StopSignalProject",
	"SoftwareVersions": "syngo_MR_B17",
	"MRAcquisitionType": "3D",
	"SeriesDescription": "t2_spc_sag_p2_iso",
	"ProtocolName": "t2_spc_sag_p2_iso",
	"ScanningSequence": "SE",
	"SequenceVariant": "SK_SP",
	"ScanOptions": "PFP",
	"SequenceName": "_spc3d1_294ns",
	"ImageType": ["ORIGINAL", "PRIMARY", "M", "ND", "NORM"],
	"SeriesNumber": 8,
	"AcquisitionTime": "10:24:40.867500",
	"AcquisitionNumber": 1,
	"SliceThickness": 0.8,
	"SAR": 0.105253,
	"EchoTime": 0.418,
	"RepetitionTime": 3,
	"FlipAngle": 120,
	"PartialFourier": 1,
	"BaseResolution": 256,
	"ShimSetting": [
		-12166,
		-3448,
		3822,
		-154,
		103,
		-214,
		250,
		-3	],
	"TxRefAmp": 461.541,
	"PhaseResolution": 1.00781,
	"ReceiveCoilName": "32Ch_Head",
	"PulseSequenceDetails": "%SiemensSeq%_tse_vfl",
	"PercentPhaseFOV": 100,
	"EchoTrainLength": 147,
	"PhaseEncodingSteps": 224,
	"AcquisitionMatrixPE": 258,
	"ReconMatrixPE": 256,
	"ParallelReductionFactorInPlane": 2,
	"PixelBandwidth": 751,
	"DwellTime": 2.6e-06,
	"ImageOrientationPatientDICOM": [
		0,
		1,
		0,
		0,
		0,
		-1	],
	"InPlanePhaseEncodingDirectionDICOM": "ROW",
	"ConversionSoftware": "dcm2niix",
	"ConversionSoftwareVersion": "v1.0.20180826 BETA  GCC5.4.1"
}
