{
	"Modality": "MR",
	"MagneticFieldStrength": 3,
	"Manufacturer": "Siemens",
	"ManufacturersModelName": "Verio",
	"InstitutionName": "SIBR",
	"InstitutionalDepartmentName": "Department",
	"InstitutionAddress": "Frew_4805_Pittsburgh_District_US_15213",
	"DeviceSerialNumber": "40482",
	"StationName": "MEDPC",
	"PatientPosition": "HFS",
	"ProcedureStepDescription": "Dr._Verstynen_StopSignalProject",
	"SoftwareVersions": "syngo_MR_B17",
	"MRAcquisitionType": "2D",
	"SeriesDescription": "epi_SSproactive4_iPAT1.88PMU",
	"ProtocolName": "epi_SSproactive4_iPAT1.88PMU",
	"ScanningSequence": "EP",
	"SequenceVariant": "SK_OSP",
	"ScanOptions": "FS",
	"SequenceName": "epfid2d1_64",
	"ImageType": ["ORIGINAL", "PRIMARY", "M", "ND", "NORM", "MOSAIC"],
	"SeriesNumber": 6,
	"AcquisitionTime": "15:58:43.870000",
	"AcquisitionNumber": 1,
	"SliceThickness": 3.5,
	"SpacingBetweenSlices": 3.5,
	"SAR": 0.0701135,
	"EchoTime": 0.025,
	"RepetitionTime": 1.5,
	"FlipAngle": 75,
	"PartialFourier": 1,
	"BaseResolution": 64,
	"ShimSetting": [
		-12225,
		-3462,
		4203,
		200,
		202,
		-36,
		523,
		-37	],
	"TxRefAmp": 375.313,
	"PhaseResolution": 1,
	"PhaseOversampling": 0.12,
	"ReceiveCoilName": "32Ch_Head",
	"PulseSequenceDetails": "%CustomerSeq%_ep2d_bold_PMU",
	"PercentPhaseFOV": 100,
	"PhaseEncodingSteps": 71,
	"AcquisitionMatrixPE": 64,
	"ReconMatrixPE": 64,
	"BandwidthPerPixelPhaseEncode": 52.411,
	"ParallelReductionFactorInPlane": 2,
	"EffectiveEchoSpacing": 0.000298124,
	"DerivedVendorReportedEchoSpacing": 0.000532365,
	"TotalReadoutTime": 0.0187818,
	"PixelBandwidth": 2232,
	"DwellTime": 3.5e-06,
	"PhaseEncodingDirection": "j",
	"SliceTiming": [
		0,
		0.78,
		0.0525,
		0.8325,
		0.105,
		0.8825,
		0.1575,
		0.935,
		0.2075,
		0.9875,
		0.26,
		1.04,
		0.3125,
		1.09,
		0.365,
		1.1425,
		0.415,
		1.195,
		0.4675,
		1.2475,
		0.52,
		1.2975,
		0.5725,
		1.35,
		0.625,
		1.4025,
		0.675,
		1.455,
		0.7275	],
	"ImageOrientationPatientDICOM": [
		1,
		0,
		0,
		0,
		0.981627,
		-0.190809	],
	"InPlanePhaseEncodingDirectionDICOM": "COL",
	"ConversionSoftware": "dcm2niix",
	"ConversionSoftwareVersion": "v1.0.20180826 BETA  GCC5.4.1"
}
