{
	"Modality": "MR",
	"MagneticFieldStrength": 3,
	"Manufacturer": "Siemens",
	"ManufacturersModelName": "Verio",
	"InstitutionName": "SIBR",
	"InstitutionalDepartmentName": "Department",
	"InstitutionAddress": "Frew_4805_Pittsburgh_District_US_15213",
	"DeviceSerialNumber": "40482",
	"StationName": "MEDPC",
	"PatientPosition": "HFS",
	"ProcedureStepDescription": "Dr._Verstynen_StopSignalProject",
	"SoftwareVersions": "syngo_MR_B17",
	"MRAcquisitionType": "3D",
	"SeriesDescription": "t1_mpr_sag_iso_2pat_9degflip_TI900",
	"ProtocolName": "t1_mpr_sag_iso_2pat_9degflip_TI900",
	"ScanningSequence": "GR_IR",
	"SequenceVariant": "SP_MP",
	"ScanOptions": "IR",
	"SequenceName": "_tfl3d1_ns",
	"ImageType": ["ORIGINAL", "PRIMARY", "M", "ND", "NORM"],
	"SeriesNumber": 2,
	"AcquisitionTime": "12:38:59.237500",
	"AcquisitionNumber": 1,
	"SliceThickness": 1,
	"SAR": 0.0430187,
	"EchoTime": 0.00197,
	"RepetitionTime": 2.3,
	"InversionTime": 0.9,
	"FlipAngle": 9,
	"PartialFourier": 1,
	"BaseResolution": 256,
	"ShimSetting": [
		-12186,
		-3564,
		4084,
		193,
		-7,
		-717,
		517,
		-82	],
	"TxRefAmp": 378.423,
	"PhaseResolution": 1,
	"ReceiveCoilName": "32Ch_Head",
	"PulseSequenceDetails": "%SiemensSeq%_tfl",
	"PercentPhaseFOV": 100,
	"PhaseEncodingSteps": 255,
	"AcquisitionMatrixPE": 256,
	"ReconMatrixPE": 256,
	"ParallelReductionFactorInPlane": 2,
	"PixelBandwidth": 241,
	"DwellTime": 8.1e-06,
	"ImageOrientationPatientDICOM": [
		0,
		1,
		0,
		0,
		0,
		-1	],
	"InPlanePhaseEncodingDirectionDICOM": "ROW",
	"ConversionSoftware": "dcm2niix",
	"ConversionSoftwareVersion": "v1.0.20180826 BETA  GCC5.4.1"
}
